PATH
  remote: .
  specs:
    eve-eft (0.1.0.alpha)

GEM
  remote: https://rubygems.org/
  specs:
    addressable (2.8.1)
      public_suffix (>= 2.0.2, < 6.0)
    ast (2.4.2)
    awesome_print (1.9.2)
    bundler-audit (0.9.1)
      bundler (>= 1.2.0, < 3)
      thor (~> 1.0)
    bundler-leak (0.3.0)
      bundler (>= 1.2.0, < 3)
      thor (>= 0.18, < 2)
    cogger (0.4.0)
      pastel (~> 0.8)
      refinements (~> 9.7)
      zeitwerk (~> 2.6)
    concurrent-ruby (1.1.10)
    crack (0.4.5)
      rexml
    debug (1.7.0)
      irb (>= 1.5.0)
      reline (>= 0.3.1)
    diff-lcs (1.5.0)
    docile (1.4.0)
    dry-container (0.11.0)
      concurrent-ruby (~> 1.0)
    dry-core (1.0.0)
      concurrent-ruby (~> 1.0)
      zeitwerk (~> 2.6)
    dry-monads (1.6.0)
      concurrent-ruby (~> 1.0)
      dry-core (~> 1.0, < 2)
      zeitwerk (~> 2.6)
    faker (3.0.0)
      i18n (>= 1.8.11, < 2)
    git-lint (4.6.0)
      cogger (~> 0.4)
      dry-container (~> 0.11)
      git_plus (~> 1.7)
      infusible (~> 0.2)
      pastel (~> 0.8)
      refinements (~> 9.7)
      runcom (~> 8.7)
      spek (~> 0.6)
      zeitwerk (~> 2.6)
    git_plus (1.7.0)
      refinements (~> 9.7)
      zeitwerk (~> 2.6)
    hashdiff (1.0.1)
    i18n (1.12.0)
      concurrent-ruby (~> 1.0)
    infusible (0.2.0)
      marameters (~> 0.10)
      zeitwerk (~> 2.6)
    io-console (0.5.11)
    irb (1.6.0)
      reline (>= 0.3.0)
    json (2.6.3)
    kwalify (0.7.2)
    marameters (0.10.0)
      refinements (~> 9.7)
      zeitwerk (~> 2.6)
    parallel (1.22.1)
    parser (3.1.3.0)
      ast (~> 2.4.1)
    pastel (0.8.0)
      tty-color (~> 0.5)
    public_suffix (5.0.1)
    rainbow (3.1.1)
    reek (6.1.2)
      kwalify (~> 0.7.0)
      parser (~> 3.1.0)
      rainbow (>= 2.0, < 4.0)
    refinements (9.8.0)
    regexp_parser (2.6.1)
    reline (0.3.1)
      io-console (~> 0.5)
    rexml (3.2.5)
    rspec (3.12.0)
      rspec-core (~> 3.12.0)
      rspec-expectations (~> 3.12.0)
      rspec-mocks (~> 3.12.0)
    rspec-core (3.12.0)
      rspec-support (~> 3.12.0)
    rspec-expectations (3.12.0)
      diff-lcs (>= 1.2.0, < 2.0)
      rspec-support (~> 3.12.0)
    rspec-mocks (3.12.1)
      diff-lcs (>= 1.2.0, < 2.0)
      rspec-support (~> 3.12.0)
    rspec-support (3.12.0)
    rubocop (1.40.0)
      json (~> 2.3)
      parallel (~> 1.10)
      parser (>= 3.1.2.1)
      rainbow (>= 2.2.2, < 4.0)
      regexp_parser (>= 1.8, < 3.0)
      rexml (>= 3.2.5, < 4.0)
      rubocop-ast (>= 1.23.0, < 2.0)
      ruby-progressbar (~> 1.7)
      unicode-display_width (>= 1.4.0, < 3.0)
    rubocop-ast (1.24.0)
      parser (>= 3.1.1.0)
    rubocop-faker (1.1.0)
      faker (>= 2.12.0)
      rubocop (>= 0.82.0)
    rubocop-performance (1.15.1)
      rubocop (>= 1.7.0, < 2.0)
      rubocop-ast (>= 0.4.0)
    rubocop-rake (0.6.0)
      rubocop (~> 1.0)
    rubocop-rspec (2.15.0)
      rubocop (~> 1.33)
    rubocop-thread_safety (0.4.4)
      rubocop (>= 0.53.0)
    ruby-progressbar (1.11.0)
    runcom (8.7.0)
      refinements (~> 9.7)
      xdg (~> 6.6)
    simplecov (0.21.2)
      docile (~> 1.1)
      simplecov-html (~> 0.11)
      simplecov_json_formatter (~> 0.1)
    simplecov-html (0.12.3)
    simplecov_json_formatter (0.1.4)
    spek (0.6.0)
      dry-monads (~> 1.5)
      refinements (~> 9.7)
      versionaire (~> 10.6)
      zeitwerk (~> 2.6)
    thor (1.2.1)
    tty-color (0.6.0)
    unicode-display_width (2.3.0)
    versionaire (10.6.0)
      refinements (~> 9.7)
    webmock (3.18.1)
      addressable (>= 2.8.0)
      crack (>= 0.3.2)
      hashdiff (>= 0.4.0, < 2.0.0)
    xdg (6.6.2)
    zeitwerk (2.6.6)

PLATFORMS
  arm64-darwin-22
  x86_64-linux

DEPENDENCIES
  awesome_print (~> 1.9)
  bundler-audit (~> 0.9.1)
  bundler-leak (~> 0.3.0)
  debug (~> 1.7)
  eve-eft!
  git-lint (~> 4.6)
  reek (~> 6.1)
  rspec
  rubocop (~> 1.39)
  rubocop-faker (~> 1.1)
  rubocop-performance (~> 1.15)
  rubocop-rake (~> 0.6.0)
  rubocop-rspec (~> 2.15)
  rubocop-thread_safety (~> 0.4.4)
  simplecov (~> 0.21.2)
  webmock (~> 3.18)

BUNDLED WITH
   2.3.26
